GIT
  remote: git://github.com/emboss/krypt-core-c.git
  revision: 4e343bf7435e5a7366306ec873edd1a8f1912e46
  specs:
    krypt-core-c (0.0.1)

GIT
  remote: git://github.com/emboss/krypt-core-java.git
  revision: 1420cadcec46bd094eae99e8df63677659e05dd0
  specs:

GIT
  remote: git://github.com/emboss/krypt-provider-jce.git
  revision: df486aec090d2f62370d37909fa3b6a63edf1347
  specs:

GIT
  remote: git://github.com/emboss/krypt-provider-openssl.git
  revision: 528cc0e1c9e00ff31400f9dd689c6e272449eb61
  specs:
    krypt-provider-openssl (0.0.1)

PATH
  remote: .
  specs:
    krypt (0.0.1)

GEM
  remote: https://rubygems.org/
  specs:
    diff-lcs (1.1.3)
    multi_json (1.3.6)
    rake (0.9.2.2)
    rspec (2.10.0)
      rspec-core (~> 2.10.0)
      rspec-expectations (~> 2.10.0)
      rspec-mocks (~> 2.10.0)
    rspec-core (2.10.1)
    rspec-expectations (2.10.0)
      diff-lcs (~> 1.1.3)
    rspec-mocks (2.10.1)
    simplecov (0.6.4)
      multi_json (~> 1.0)
      simplecov-html (~> 0.5.3)
    simplecov-html (0.5.3)

PLATFORMS
  ruby

DEPENDENCIES
  jruby-openssl
  krypt!
  krypt-core-c!
  krypt-core-java!
  krypt-provider-jce!
  krypt-provider-openssl!
  rake
  rspec
  simplecov
